GIT
  remote: git://github.com/TwP/turn.git
  revision: b4deb5825ae2c15cd3919b4ed84642766dc4c65f
  specs:
    turn (0.8.2.1)
      ansi (>= 1.2.2)

GIT
  remote: git://github.com/oriolgual/rack-test.git
  revision: 05d919e9569a948789694bf15b806a1870e9658a
  specs:
    rack-test (0.6.0)
      rack (>= 1.0)

GIT
  remote: https://github.com/chriseppstein/compass.git
  revision: 2124003550bf96e828f6e63351d44a61b647cbf1
  branch: rails31
  specs:
    compass (0.11.3.rails.0.2124003)
      chunky_png (~> 1.2)
      fssm (>= 0.2.7)
      sass (~> 3.1)

GEM
  remote: http://rubygems.org/
  specs:
    actionmailer (3.1.0.rc4)
      actionpack (= 3.1.0.rc4)
      mail (~> 2.3.0)
    actionpack (3.1.0.rc4)
      activemodel (= 3.1.0.rc4)
      activesupport (= 3.1.0.rc4)
      builder (~> 3.0.0)
      erubis (~> 2.7.0)
      i18n (~> 0.6)
      rack (~> 1.3.0)
      rack-cache (~> 1.0.1)
      rack-mount (~> 0.8.1)
      rack-test (~> 0.6.0)
      sprockets (~> 2.0.0.beta.10)
      tzinfo (~> 0.3.27)
    activemodel (3.1.0.rc4)
      activesupport (= 3.1.0.rc4)
      bcrypt-ruby (~> 2.1.4)
      builder (~> 3.0.0)
      i18n (~> 0.6)
    activerecord (3.1.0.rc4)
      activemodel (= 3.1.0.rc4)
      activesupport (= 3.1.0.rc4)
      arel (~> 2.1.1)
      tzinfo (~> 0.3.27)
    activeresource (3.1.0.rc4)
      activemodel (= 3.1.0.rc4)
      activesupport (= 3.1.0.rc4)
    activesupport (3.1.0.rc4)
      multi_json (~> 1.0)
    annotate (2.4.0)
    ansi (1.2.5)
    arel (2.1.3)
    barista (1.2.1)
      coffee-script (~> 2.2)
    bcrypt-ruby (2.1.4)
    builder (3.0.0)
    button_form (0.0.4)
      rails (~> 3.0)
    capybara (1.0.0)
      mime-types (>= 1.16)
      nokogiri (>= 1.3.3)
      rack (>= 1.0.0)
      rack-test (>= 0.5.4)
      selenium-webdriver (~> 0.2.0)
      xpath (~> 0.1.4)
    carrierwave (0.5.4)
      activesupport (~> 3.0)
    childprocess (0.1.9)
      ffi (~> 1.0.6)
    chunky_png (1.2.0)
    client_side_validations (3.1.0)
    coffee-script (2.2.0)
      coffee-script-source
      execjs
    coffee-script-source (1.1.1)
    configuration (1.3.1)
    cucumber (1.0.0)
      builder (>= 2.1.2)
      diff-lcs (>= 1.1.2)
      gherkin (~> 2.4.1)
      json (>= 1.4.6)
      term-ansicolor (>= 1.0.5)
    cucumber-rails (1.0.2)
      capybara (>= 1.0.0)
      cucumber (~> 1.0.0)
      nokogiri (>= 1.4.6)
    database_cleaner (0.6.7)
    devise (1.4.0)
      bcrypt-ruby (~> 2.1.2)
      orm_adapter (~> 0.0.3)
      warden (~> 1.0.3)
    diff-lcs (1.1.2)
    erubis (2.7.0)
    execjs (1.2.0)
      multi_json (~> 1.0)
    ffi (1.0.9)
    flash_messages_helper (0.2.1)
    foreman (0.19.0)
      term-ansicolor (~> 1.0.5)
      thor (>= 0.13.6)
    fssm (0.2.7)
    gherkin (2.4.1)
      json (>= 1.4.6)
    growl (1.0.3)
    guard (0.4.2)
      thor (~> 0.14.6)
    guard-annotate (0.3.0)
      annotate (>= 2.4.0)
      guard (>= 0.2.2)
    guard-cucumber (0.5.0)
      cucumber (>= 0.10)
      guard (>= 0.4.0)
    guard-minitest (0.4.0)
      guard (~> 0.4)
    has_scope (0.5.0)
    high_voltage (0.9.4)
    hike (1.1.0)
    i18n (0.6.0)
    inherited_resources (1.2.2)
      has_scope (~> 0.5.0)
      responders (~> 0.6.0)
    jquery-rails (1.0.12)
      railties (~> 3.0)
      thor (~> 0.14)
    json (1.5.3)
    json_pure (1.5.3)
    launchy (0.4.0)
      configuration (>= 0.0.5)
      rake (>= 0.8.1)
    machinist (2.0.0.beta2)
    mail (2.3.0)
      i18n (>= 0.4.0)
      mime-types (~> 1.16)
      treetop (~> 1.4.8)
    mime-types (1.16)
    minitest (2.3.1)
    mocha (0.9.12)
    multi_json (1.0.3)
    nokogiri (1.4.6)
    orm_adapter (0.0.5)
    polyglot (0.3.1)
    rack (1.3.0)
    rack-cache (1.0.2)
      rack (>= 0.4)
    rack-mount (0.8.1)
      rack (>= 1.0.0)
    rack-ssl (1.3.2)
      rack
    rails (3.1.0.rc4)
      actionmailer (= 3.1.0.rc4)
      actionpack (= 3.1.0.rc4)
      activerecord (= 3.1.0.rc4)
      activeresource (= 3.1.0.rc4)
      activesupport (= 3.1.0.rc4)
      bundler (~> 1.0)
      railties (= 3.1.0.rc4)
    railties (3.1.0.rc4)
      actionpack (= 3.1.0.rc4)
      activesupport (= 3.1.0.rc4)
      rack-ssl (~> 1.3.2)
      rake (>= 0.8.7)
      rdoc (~> 3.4)
      thor (~> 0.14.6)
    rake (0.9.2)
    rb-fsevent (0.4.0)
    rdoc (3.7)
    responders (0.6.4)
    rubyzip (0.9.4)
    sass (3.1.3)
    sass-rails (3.1.0.rc.3)
      actionpack (~> 3.1.0.rc1)
      railties (~> 3.1.0.rc1)
      sass (>= 3.1.3)
      sprockets (>= 2.0.0.beta.9)
    selenium-webdriver (0.2.2)
      childprocess (>= 0.1.9)
      ffi (>= 1.0.7)
      json_pure
      rubyzip
    simple-navigation (3.3.2)
      activesupport (>= 2.3.2)
    simple_form (1.4.2)
      actionpack (~> 3.0)
      activemodel (~> 3.0)
    simplecov (0.4.2)
      simplecov-html (~> 0.4.4)
    simplecov-html (0.4.5)
    slim (0.9.4)
      temple (~> 0.3.0)
      tilt (~> 1.2)
    slim-rails (0.2.1)
      slim (>= 0.9.2)
    sprockets (2.0.0.beta.10)
      hike (~> 1.0)
      rack (~> 1.0)
      tilt (!= 1.3.0, ~> 1.1)
    sqlite3 (1.3.3)
    temple (0.3.2)
    term-ansicolor (1.0.5)
    thor (0.14.6)
    tilt (1.3.2)
    treetop (1.4.9)
      polyglot (>= 0.3.1)
    tzinfo (0.3.29)
    warden (1.0.4)
      rack (>= 1.0)
    xpath (0.1.4)
      nokogiri (~> 1.3)

PLATFORMS
  ruby

DEPENDENCIES
  barista
  button_form
  capybara
  carrierwave
  client_side_validations
  coffee-script
  compass!
  cucumber-rails
  database_cleaner
  devise
  flash_messages_helper
  foreman
  growl
  guard
  guard-annotate
  guard-cucumber
  guard-minitest
  high_voltage
  inherited_resources
  jquery-rails
  launchy
  machinist (>= 2.0.0.beta1)
  minitest
  mocha
  rack-test!
  rails (= 3.1.0.rc4)
  rb-fsevent
  responders
  sass-rails
  simple-navigation
  simple_form
  simplecov
  slim
  slim-rails
  sqlite3
  turn!
